GEM
  remote: https://rubygems.org/
  specs:
    bundle-audit (0.1.0)
      bundler-audit
    bundler-audit (0.9.0.1)
      bundler (>= 1.2.0, < 3)
      thor (~> 1.0)
    json (2.6.1)
    minitest (5.15.0)
    thor (1.2.1)

PLATFORMS
  x86_64-linux

DEPENDENCIES
  bundle-audit
  json
  minitest

BUNDLED WITH
   2.3.8
